GEM
  remote: https://rubygems.org/
  specs:
    rake (12.3.3)
    rouge (2.0.7)
    xcpretty (0.3.0)
      rouge (~> 2.0.7)

PLATFORMS
  ruby

DEPENDENCIES
  rake
  xcpretty

BUNDLED WITH
   1.17.2
